GEM
  remote: https://rubygems.org/
  specs:
    oj (3.14.2)

PLATFORMS
  ruby

DEPENDENCIES
  oj (~> 3.14)

BUNDLED WITH
   1.17.2
